NUGET
  remote: https://www.nuget.org/api/v2
    FSharp.Core (4.0.0.1) - framework: >= net45
    Newtonsoft.Json (7.0.1)

GROUP Build
NUGET
  remote: https://www.nuget.org/api/v2
    FAKE (4.56)
    FSharp.Compiler.Service (2.0.0.6)
    FSharp.Formatting (2.14.4)
      FSharp.Compiler.Service (2.0.0.6)
      FSharpVSPowerTools.Core (>= 2.3 < 2.4)
    FSharpVSPowerTools.Core (2.3)
      FSharp.Compiler.Service (>= 2.0.0.3)
    Microsoft.Bcl (1.1.10) - framework: net10, net11, net20, net30, net35, net40, net40-full
      Microsoft.Bcl.Build (>= 1.0.14)
    Microsoft.Bcl.Build (1.0.21) - import_targets: false, framework: net10, net11, net20, net30, net35, net40, net40-full
    Microsoft.Net.Http (2.2.29) - framework: net10, net11, net20, net30, net35, net40, net40-full
      Microsoft.Bcl (>= 1.1.10)
      Microsoft.Bcl.Build (>= 1.0.14)
    Octokit (0.24)
      Microsoft.Net.Http  - framework: net10, net11, net20, net30, net35, net40, net40-full
    SourceLink.Fake (1.1)
GITHUB
  remote: fsharp/FAKE
    modules/Octokit/Octokit.fsx (0cca21da332895437de5785210610bd055a77ac2)
      Octokit (>= 0.20)
GROUP Test
NUGET
  remote: https://www.nuget.org/api/v2
    FluentAssertions (3.2.2) - framework: >= net45
    NSubstitute (1.8.1) - framework: >= net45
    xunit (2.0) - framework: >= net45
      xunit.assert (2.0)
      xunit.core (2.0)
    xunit.abstractions (2.0) - framework: >= net45
    xunit.assert (2.0) - framework: >= net45
    xunit.core (2.0) - framework: >= net45
      xunit.extensibility.core (2.0)
    xunit.extensibility.core (2.0) - framework: >= net45
      xunit.abstractions (2.0)
    xunit.extensions (2.0) - framework: >= net45
      xunit (2.0)
    xunit.runner.console (2.0)
