NUGET
  remote: https://www.nuget.org/api/v2
    FSharp.Core (4.0.0.1) - redirects: force, framework: >= net45
    Newtonsoft.Json (7.0.1)
    Owin (1.0)

GROUP Build
NUGET
  remote: https://www.nuget.org/api/v2
    FAKE (4.56)
    FSharp.Compiler.Service (2.0.0.6)
    FSharp.Formatting (2.14.4)
      FSharp.Compiler.Service (2.0.0.6)
      FSharpVSPowerTools.Core (>= 2.3 < 2.4)
    FSharpVSPowerTools.Core (2.3)
      FSharp.Compiler.Service (>= 2.0.0.3)
    Microsoft.Bcl (1.1.10) - framework: net10, net11, net20, net30, net35, net40, net40-full
      Microsoft.Bcl.Build (>= 1.0.14)
    Microsoft.Bcl.Build (1.0.21) - import_targets: false, framework: net10, net11, net20, net30, net35, net40, net40-full
    Microsoft.Net.Http (2.2.29) - framework: net10, net11, net20, net30, net35, net40, net40-full
      Microsoft.Bcl (>= 1.1.10)
      Microsoft.Bcl.Build (>= 1.0.14)
    Octokit (0.24)
      Microsoft.Net.Http  - framework: net10, net11, net20, net30, net35, net40, net40-full
    SourceLink.Fake (1.1)
GITHUB
  remote: fsharp/FAKE
    modules/Octokit/Octokit.fsx (0cca21da332895437de5785210610bd055a77ac2)
      Octokit (>= 0.20)
GROUP Sample
NUGET
  remote: https://www.nuget.org/api/v2
    Microsoft.AspNet.WebApi.Client (5.2.3)
      Microsoft.Net.Http (>= 2.2.22) - framework: portable-wp80+win+wp81+wpa81
      Newtonsoft.Json (>= 6.0.4) - framework: >= net45, portable-wp80+win+wp81+wpa81
    Microsoft.AspNet.WebApi.Core (5.2.3)
      Microsoft.AspNet.WebApi.Client (>= 5.2.3)
    Microsoft.AspNet.WebApi.Owin (5.2.3)
      Microsoft.AspNet.WebApi.Core (>= 5.2.3 < 5.3)
      Microsoft.Owin (>= 2.0.2)
      Owin (>= 1.0)
    Microsoft.AspNet.WebApi.OwinSelfHost (5.2.3)
      Microsoft.AspNet.WebApi.Owin (>= 5.2.3 < 5.3)
      Microsoft.Owin.Host.HttpListener (>= 2.0.2)
      Microsoft.Owin.Hosting (>= 2.0.2)
    Microsoft.Bcl (1.1.10) - framework: portable-wp80+win+wp81+wpa81
      Microsoft.Bcl.Build (>= 1.0.14)
    Microsoft.Bcl.Build (1.0.21) - import_targets: false, framework: portable-wp80+win+wp81+wpa81
    Microsoft.CSharp (4.3) - framework: >= net45
    Microsoft.Net.Http (2.2.29) - framework: portable-wp80+win+wp81+wpa81
      Microsoft.Bcl (>= 1.1.10)
      Microsoft.Bcl.Build (>= 1.0.14)
    Microsoft.Owin (3.1)
      Owin (>= 1.0)
    Microsoft.Owin.Host.HttpListener (3.1)
    Microsoft.Owin.Hosting (3.1)
      Microsoft.Owin (>= 3.1)
      Owin (>= 1.0)
    Microsoft.Win32.Primitives (4.3) - framework: >= net46
    NETStandard.Library (1.6.1) - framework: >= net45
      Microsoft.Win32.Primitives (>= 4.3) - framework: >= net46, >= netstandard13
      System.AppContext (>= 4.3) - framework: >= net46, >= netstandard13
      System.Collections.Concurrent (>= 4.3) - framework: >= net45, >= netstandard11
      System.Console (>= 4.3) - framework: >= net46, >= netstandard13
      System.Diagnostics.Tracing (>= 4.3) - framework: >= net45, >= netstandard11
      System.Globalization.Calendars (>= 4.3) - framework: >= net46, >= netstandard13
      System.IO.Compression (>= 4.3) - framework: >= net45, >= netstandard11
      System.IO.Compression.ZipFile (>= 4.3) - framework: >= net46, >= netstandard13
      System.IO.FileSystem (>= 4.3) - framework: >= net46, >= netstandard13
      System.IO.FileSystem.Primitives (>= 4.3) - framework: >= net46, >= netstandard13
      System.Net.Http (>= 4.3) - framework: >= net45, >= netstandard11
      System.Net.Sockets (>= 4.3) - framework: >= net46, >= netstandard13
      System.Runtime.Handles (>= 4.3) - framework: >= net46, >= netstandard13
      System.Runtime.InteropServices (>= 4.3) - framework: >= net45, >= netstandard11
      System.Runtime.InteropServices.RuntimeInformation (>= 4.3) - framework: >= net45, >= netstandard11
      System.Runtime.Numerics (>= 4.3) - framework: >= net45, >= netstandard11
      System.Security.Cryptography.Algorithms (>= 4.3) - framework: >= net46, >= netstandard13
      System.Security.Cryptography.Encoding (>= 4.3) - framework: >= net46, >= netstandard13
      System.Security.Cryptography.Primitives (>= 4.3) - framework: >= net46, >= netstandard13
      System.Security.Cryptography.X509Certificates (>= 4.3) - framework: >= net46, >= netstandard13
      System.Threading.Timer (>= 4.3) - framework: >= net451, >= netstandard12
    Newtonsoft.Json (10.0.2) - framework: >= net45, portable-wp80+win+wp81+wpa81
      Microsoft.CSharp (>= 4.3) - framework: netstandard10, >= netstandard13
      NETStandard.Library (>= 1.6.1) - framework: netstandard10, >= netstandard13
      System.ComponentModel.TypeConverter (>= 4.3) - framework: netstandard10, >= netstandard13
      System.Runtime.Serialization.Formatters (>= 4.3) - framework: >= netstandard13
      System.Runtime.Serialization.Primitives (>= 4.3) - framework: netstandard10, >= netstandard13
      System.Xml.XmlDocument (>= 4.3) - framework: >= netstandard13
    Owin (1.0)
    System.AppContext (4.3) - framework: >= net46
    System.Collections.Concurrent (4.3) - framework: >= net45
    System.Collections.NonGeneric (4.3) - framework: >= net462
    System.ComponentModel.Primitives (4.3) - framework: net45, >= net462
    System.ComponentModel.TypeConverter (4.3) - framework: >= net45
      System.Collections.NonGeneric (>= 4.3) - framework: >= net462, >= netstandard15
      System.ComponentModel.Primitives (>= 4.3) - framework: net45, >= net462, netstandard10, >= netstandard15, winv4.5, wpv8.0, wpav8.1
    System.Console (4.3) - framework: >= net46
    System.Diagnostics.Tracing (4.3) - framework: >= net45
    System.Globalization.Calendars (4.3) - framework: >= net46
    System.IO (4.3) - framework: >= net463
    System.IO.Compression (4.3) - framework: >= net45
    System.IO.Compression.ZipFile (4.3) - framework: >= net46
    System.IO.FileSystem (4.3) - framework: >= net46
      System.IO.FileSystem.Primitives (>= 4.3) - framework: >= net46, >= netstandard13
    System.IO.FileSystem.Primitives (4.3) - framework: >= net46
    System.Net.Http (4.3.1) - framework: >= net45
      System.Security.Cryptography.X509Certificates (>= 4.3) - framework: >= net46, dnxcore50, netstandard13, >= netstandard16
    System.Net.Sockets (4.3) - framework: >= net46
    System.Runtime (4.3) - framework: >= net462
    System.Runtime.Handles (4.3) - framework: >= net46
    System.Runtime.InteropServices (4.3) - framework: >= net45
      System.Runtime (>= 4.3) - framework: net462, >= net463, dnxcore50, netstandard11, netstandard12, netstandard13, >= netstandard15, netcore11
    System.Runtime.InteropServices.RuntimeInformation (4.3) - framework: >= net45
    System.Runtime.Numerics (4.3) - framework: >= net45
    System.Runtime.Serialization.Formatters (4.3) - framework: >= net45
      System.Runtime.Serialization.Primitives (>= 4.3) - framework: >= net46, >= netstandard13
    System.Runtime.Serialization.Primitives (4.3) - framework: >= net45
    System.Security.Cryptography.Algorithms (4.3) - framework: >= net46
      System.IO (>= 4.3) - framework: >= net463, dnxcore50, netstandard13, netstandard14, >= netstandard16
      System.Runtime (>= 4.3) - framework: >= net463, dnxcore50, netstandard13, netstandard14, >= netstandard16
      System.Security.Cryptography.Encoding (>= 4.3) - framework: >= net463, dnxcore50, >= netstandard16
      System.Security.Cryptography.Primitives (>= 4.3) - framework: net46, net461, >= net463, dnxcore50, netstandard13, netstandard14, >= netstandard16
    System.Security.Cryptography.Encoding (4.3) - framework: >= net46
    System.Security.Cryptography.Primitives (4.3) - framework: >= net46
    System.Security.Cryptography.X509Certificates (4.3) - framework: >= net46
      System.Security.Cryptography.Algorithms (>= 4.3) - framework: net46, >= net461, dnxcore50, netstandard13, netstandard14, >= netstandard16
      System.Security.Cryptography.Encoding (>= 4.3) - framework: net46, >= net461, dnxcore50, netstandard13, netstandard14, >= netstandard16
    System.Threading.Timer (4.3) - framework: >= net451
    System.Xml.XmlDocument (4.3) - framework: >= net45

GROUP Test
NUGET
  remote: https://www.nuget.org/api/v2
    FluentAssertions (3.2.2) - framework: >= net45
    NSubstitute (1.8.1) - framework: >= net45
    xunit (2.0) - framework: >= net45
      xunit.assert (2.0)
      xunit.core (2.0)
    xunit.abstractions (2.0) - framework: >= net45
    xunit.assert (2.0) - framework: >= net45
    xunit.core (2.0) - framework: >= net45
      xunit.extensibility.core (2.0)
    xunit.extensibility.core (2.0) - framework: >= net45
      xunit.abstractions (2.0)
    xunit.extensions (2.0) - framework: >= net45
      xunit (2.0)
    xunit.runner.console (2.0)
